GEM
  remote: http://rubygems.org/
  specs:
    daemons (1.1.9)
    dotenv (0.11.1)
      dotenv-deployment (~> 0.0.2)
    dotenv-deployment (0.0.2)
    eventmachine (1.0.3)
    eventmachine (1.0.3-x86-mingw32)
    faraday (0.17.0)
      multipart-post (>= 1.2, < 3)
    foreman (0.75.0)
      dotenv (~> 0.11.1)
      thor (~> 0.19.1)
    multipart-post (2.1.1)
    rack (1.5.2)
    rack-protection (1.5.3)
      rack
    sinatra (1.4.5)
      rack (~> 1.4)
      rack-protection (~> 1.4)
      tilt (~> 1.3, >= 1.3.4)
    sinatra-cross_origin (0.3.2)
    thin (1.6.3)
      daemons (~> 1.0, >= 1.0.9)
      eventmachine (~> 1.0)
      rack (~> 1.0)
    thor (0.19.1)
    tilt (1.4.1)

PLATFORMS
  ruby
  x86-mingw32

DEPENDENCIES
  faraday
  foreman
  rack
  sinatra
  sinatra-cross_origin (~> 0.3.1)
  thin
  tilt (~> 1.4.1)
